GEM
  remote: http://rubygems.org/
  specs:
    activesupport (4.0.0)
      i18n (~> 0.6, >= 0.6.4)
      minitest (~> 4.2)
      multi_json (~> 1.3)
      thread_safe (~> 0.1)
      tzinfo (~> 0.3.37)
    atomic (1.1.10)
    backports (3.3.2)
    beefcake (0.3.7)
    builder (3.2.2)
    descendants_tracker (0.0.1)
    diff-lcs (1.2.4)
    em-posix-spawn (0.1.10)
      eventmachine
      posix-spawn
    eventmachine (1.0.3)
    ffi (1.9.0)
    grape (0.5.0)
      activesupport
      builder
      hashie (>= 1.2.0)
      multi_json (>= 1.3.2)
      multi_xml (>= 0.5.2)
      rack (>= 1.3.0)
      rack-accept
      rack-mount
      virtus
    hashie (2.0.5)
    i18n (0.6.4)
    membrane (0.0.3)
    minitest (4.7.5)
    multi_json (1.7.7)
    multi_xml (0.5.4)
    posix-spawn (0.3.6)
    rack (1.5.2)
    rack-accept (0.4.5)
      rack (>= 0.4)
    rack-mount (0.8.3)
      rack (>= 1.0.0)
    rake (10.1.0)
    rspec (2.13.0)
      rspec-core (~> 2.13.0)
      rspec-expectations (~> 2.13.0)
      rspec-mocks (~> 2.13.0)
    rspec-core (2.13.1)
    rspec-expectations (2.13.0)
      diff-lcs (>= 1.1.3, < 2.0)
    rspec-mocks (2.13.1)
    steno (0.0.15)
      grape
      yajl-ruby
    sys-filesystem (1.1.0)
      ffi
    thread_safe (0.1.0)
      atomic
    tzinfo (0.3.37)
    virtus (0.5.5)
      backports (~> 3.3)
      descendants_tracker (~> 0.0.1)
    warden-client (0.1.0)
      warden-protocol (~> 0.1.0)
    warden-protocol (0.1.3)
      beefcake
    yajl-ruby (1.1.0)

PLATFORMS
  ruby

DEPENDENCIES
  em-posix-spawn
  eventmachine (~> 1.0.0)
  membrane
  rake
  rspec
  steno (~> 0.0.15)
  sys-filesystem
  warden-client
  warden-protocol
  yajl-ruby
